GEM
  remote: https://rubygems.org/
  specs:
    addressable (2.8.0)
      public_suffix (>= 2.0.2, < 5.0)
    faraday (0.15.4)
      multipart-post (>= 1.2, < 3)
    ipaddress (0.8.3)
    mini_portile2 (2.4.0)
    multipart-post (2.1.1)
    nokogiri (1.10.8)
      mini_portile2 (~> 2.4.0)
    public_suffix (4.0.6)

PLATFORMS
  ruby

DEPENDENCIES
  addressable
  faraday
  ipaddress
  nokogiri

BUNDLED WITH
   1.17.2
