GEM
  remote: https://rubygems.org/
  specs:
    addressable (2.7.0)
      public_suffix (>= 2.0.2, < 5.0)
    faraday (0.15.4)
      multipart-post (>= 1.2, < 3)
    ipaddress (0.8.3)
    mini_portile2 (2.8.0)
    multipart-post (2.1.1)
    nokogiri (1.13.5)
      mini_portile2 (~> 2.8.0)
      racc (~> 1.4)
    public_suffix (4.0.1)
    racc (1.6.0)

PLATFORMS
  ruby

DEPENDENCIES
  addressable
  faraday
  ipaddress
  nokogiri

BUNDLED WITH
   1.17.2
